GEM
  remote: https://rubygems.org/
  specs:
    aggregate (0.2.2)
    clockwork (0.4.1)
      tzinfo
    faraday (0.9.0)
      multipart-post (>= 1.2, < 3)
    hirb (0.7.1)
    librato-metrics (1.3.0)
      aggregate (~> 0.2.2)
      faraday (~> 0.7)
      multi_json
    multi_json (1.8.4)
    multipart-post (2.0.0)
    pg (0.14.1)
    rake (10.1.0)
    sequel (3.40.0)
    sequel_pg (1.6.0)
      pg (>= 0.8.0)
      sequel (>= 3.39.0)
    tzinfo (0.3.33)

PLATFORMS
  ruby

DEPENDENCIES
  clockwork
  hirb
  librato-metrics
  rake
  sequel_pg
