GEM
  remote: http://rubygems.org/
  specs:
    atomic (1.0.1)
    avl_tree (1.1.3)
    clockwork (0.4.1)
      tzinfo
    hitimes (1.1.1)
    metriks (0.9.9.1)
      atomic (~> 1.0)
      avl_tree (~> 1.1.2)
      hitimes (~> 1.1)
    pg (0.14.1)
    tzinfo (0.3.33)

PLATFORMS
  ruby

DEPENDENCIES
  clockwork
  metriks
  pg
