GEM
  remote: http://rubygems.org/
  specs:
    aggregate (0.2.2)
    clockwork (0.4.1)
      tzinfo
    faraday (0.8.4)
      multipart-post (~> 1.1)
    librato-metrics (0.7.3)
      aggregate (~> 0.2.2)
      faraday (~> 0.7)
      multi_json (~> 1.3)
    multi_json (1.3.6)
    multipart-post (1.1.5)
    pg (0.14.1)
    sequel (3.40.0)
    sequel_pg (1.6.0)
      pg (>= 0.8.0)
      sequel (>= 3.39.0)
    tzinfo (0.3.33)

PLATFORMS
  ruby

DEPENDENCIES
  clockwork
  librato-metrics
  sequel_pg
